PATH
  remote: .
  specs:
    dagqueue (0.0.1)
      redis (~> 2.2.0)
      redis-objects (~> 0.5.1)
      resque (~> 1.17.1)
      rgl (~> 0.4.0)

GEM
  remote: http://rubygems.org/
  specs:
    diff-lcs (1.1.2)
    json (1.5.2)
    json (1.5.2-java)
    rack (1.3.0)
    rake (0.9.0)
    rcov (0.9.9)
    rcov (0.9.9-java)
    rdiscount (1.6.8)
    redis (2.2.1)
    redis-namespace (1.0.3)
      redis (< 3.0.0)
    redis-objects (0.5.1)
      redis (>= 2.1.1)
    resque (1.17.1)
      json (>= 1.4.6, < 1.6)
      redis-namespace (~> 1.0.2)
      sinatra (>= 0.9.2)
      vegas (~> 0.1.2)
    rgl (0.4.0)
      rake
      stream (>= 0.5)
    rspec (2.6.0)
      rspec-core (~> 2.6.0)
      rspec-expectations (~> 2.6.0)
      rspec-mocks (~> 2.6.0)
    rspec-core (2.6.4)
    rspec-expectations (2.6.0)
      diff-lcs (~> 1.1.2)
    rspec-mocks (2.6.0)
    sinatra (1.2.6)
      rack (~> 1.1)
      tilt (>= 1.2.2, < 2.0)
    stream (0.5)
    tilt (1.3.2)
    vegas (0.1.8)
      rack (>= 1.0.0)
    yard (0.7.2)

PLATFORMS
  java
  ruby

DEPENDENCIES
  dagqueue!
  rake
  rcov
  rdiscount
  rspec (>= 2.6.0)
  yard
